GEM
  remote: https://rubygems.org/
  specs:
    pg (1.2.2)
    rack (2.1.4.1)
    rake (13.0.1)
    shotgun (0.9.2)
      rack (>= 1.0)

PLATFORMS
  ruby

DEPENDENCIES
  pg
  rack
  rake
  shotgun

BUNDLED WITH
   1.17.2
